GEM
  remote: http://rubygems.org/
  specs:
    crack (0.1.8)
    dalli (1.1.4)
    diff-lcs (1.1.2)
    httparty (0.6.1)
      crack (= 0.1.8)
    json (1.4.6)
    newrelic_rpm (3.3.0)
    rack (1.4.1)
    rack-protection (1.2.0)
      rack
    rack-test (0.5.4)
      rack (>= 1.0)
    rake (0.9.2)
    rspec (2.6.0)
      rspec-core (~> 2.6.0)
      rspec-expectations (~> 2.6.0)
      rspec-mocks (~> 2.6.0)
    rspec-core (2.6.4)
    rspec-expectations (2.6.0)
      diff-lcs (~> 1.1.2)
    rspec-mocks (2.6.0)
    sinatra (1.3.2)
      rack (~> 1.3, >= 1.3.6)
      rack-protection (~> 1.2)
      tilt (~> 1.3, >= 1.3.3)
    tilt (1.3.3)

PLATFORMS
  ruby

DEPENDENCIES
  dalli
  httparty
  json
  newrelic_rpm
  rack-test
  rake
  rspec
  sinatra
